GEM
  remote: https://rubygems.org/
  specs:
    mail (2.6.1)
      mime-types (>= 1.16, < 3)
    mime-types (2.3)
    rack (1.5.2)

PLATFORMS
  ruby

DEPENDENCIES
  mail
  rack
